GEM
  remote: https://rubygems.org/
  specs:
    ruby-graphviz (1.2.1)

PLATFORMS
  ruby

DEPENDENCIES
  ruby-graphviz
